GEM
  remote: http://rubygems.org/
  specs:
    abstract (1.0.0)
    actionmailer (3.0.3)
      actionpack (= 3.0.3)
      mail (~> 2.2.9)
    actionpack (3.0.3)
      activemodel (= 3.0.3)
      activesupport (= 3.0.3)
      builder (~> 2.1.2)
      erubis (~> 2.6.6)
      i18n (~> 0.4)
      rack (~> 1.2.1)
      rack-mount (~> 0.6.13)
      rack-test (~> 0.5.6)
      tzinfo (~> 0.3.23)
    activemodel (3.0.3)
      activesupport (= 3.0.3)
      builder (~> 2.1.2)
      i18n (~> 0.4)
    activerecord (3.0.3)
      activemodel (= 3.0.3)
      activesupport (= 3.0.3)
      arel (~> 2.0.2)
      tzinfo (~> 0.3.23)
    activeresource (3.0.3)
      activemodel (= 3.0.3)
      activesupport (= 3.0.3)
    activesupport (3.0.3)
    addressable (2.2.4)
    arel (2.0.9)
    bcrypt-ruby (2.1.4)
    builder (2.1.2)
    ci_reporter (1.6.5)
      builder (>= 2.1.2)
    daemons (1.1.3)
    devise (1.1.8)
      bcrypt-ruby (~> 2.1.2)
      warden (~> 1.0.2)
    em-http-request (0.3.0)
      addressable (>= 2.0.0)
      escape_utils
      eventmachine (>= 0.12.9)
    erubis (2.6.6)
      abstract (>= 1.0.0)
    escape_utils (0.2.3)
    eventmachine (0.12.10)
    ffaker (1.4.0)
    guid (0.1.1)
    i18n (0.5.0)
    jquery-rails (0.2.7)
      rails (~> 3.0)
      thor (~> 0.14.4)
    librevox (0.3)
      eventmachine (~> 0.12.10)
    machinist (1.0.6)
    mail (2.2.15)
      activesupport (>= 2.3.6)
      i18n (>= 0.4.0)
      mime-types (~> 1.16)
      treetop (~> 1.4.8)
    mime-types (1.16)
    mocha (0.9.12)
    mysql2 (0.2.7)
    nokogiri (1.4.4)
    polyglot (0.3.1)
    rack (1.2.2)
    rack-mount (0.6.13)
      rack (>= 1.0.0)
    rack-test (0.5.7)
      rack (>= 1.0)
    rails (3.0.3)
      actionmailer (= 3.0.3)
      actionpack (= 3.0.3)
      activerecord (= 3.0.3)
      activeresource (= 3.0.3)
      activesupport (= 3.0.3)
      bundler (~> 1.0)
      railties (= 3.0.3)
    railties (3.0.3)
      actionpack (= 3.0.3)
      activesupport (= 3.0.3)
      rake (>= 0.8.7)
      thor (~> 0.14.4)
    rake (0.8.7)
    shoulda (2.11.3)
    test-unit (2.3.1)
    therubyracer (0.8.2.pre2)
    thor (0.14.6)
    treetop (1.4.9)
      polyglot (>= 0.3.1)
    tzinfo (0.3.24)
    warden (1.0.3)
      rack (>= 1.0.0)
    will_paginate (3.0.pre2)

PLATFORMS
  ruby

DEPENDENCIES
  ci_reporter
  daemons
  devise
  em-http-request
  ffaker
  guid
  jquery-rails
  librevox
  machinist
  mocha
  mysql2
  nokogiri
  rails (= 3.0.3)
  shoulda
  test-unit
  therubyracer (= 0.8.2.pre2)
  will_paginate (~> 3.0.pre2)
