GIT
  remote: https://github.com/edave/enumerated_attribute.git
  revision: ec1021d11874f37d30589f91814d069884348fdf
  specs:
    enumerated_attribute (0.2.16)
      meta_programming (>= 0.2.1)

GIT
  remote: https://github.com/instedd/batphone
  revision: 44e57a7e36c1c7d4f6c28afa00d3a26d62494401
  branch: fastagi
  specs:
    batphone (0.2.0)

GIT
  remote: https://github.com/manastech/rkelly.git
  revision: 70cb270a7486df7995330250eb5bf17d30bb71f4
  specs:
    rkelly (1.0.6.20130515120751)

GIT
  remote: https://github.com/tbuehl/machinist.git
  revision: 2b6ea4c2e876d4e9b3b22cc975057268788c7ff5
  branch: 1.0-maintenance
  specs:
    machinist (1.0.6)

GEM
  remote: http://rubygems.org/
  specs:
    actionmailer (3.2.14)
      actionpack (= 3.2.14)
      mail (~> 2.5.4)
    actionpack (3.2.14)
      activemodel (= 3.2.14)
      activesupport (= 3.2.14)
      builder (~> 3.0.0)
      erubis (~> 2.7.0)
      journey (~> 1.0.4)
      rack (~> 1.4.5)
      rack-cache (~> 1.2)
      rack-test (~> 0.6.1)
      sprockets (~> 2.2.1)
    activemodel (3.2.14)
      activesupport (= 3.2.14)
      builder (~> 3.0.0)
    activerecord (3.2.14)
      activemodel (= 3.2.14)
      activesupport (= 3.2.14)
      arel (~> 3.0.2)
      tzinfo (~> 0.3.29)
    activeresource (3.2.14)
      activemodel (= 3.2.14)
      activesupport (= 3.2.14)
    activesupport (3.2.14)
      i18n (~> 0.6, >= 0.6.4)
      multi_json (~> 1.0)
    addressable (2.2.4)
    arel (3.0.2)
    attr_encrypted (1.2.0)
      encryptor (>= 1.1.1)
    aws-sdk (1.16.1)
      json (~> 1.4)
      nokogiri (< 1.6.0)
      uuidtools (~> 2.1)
    bcrypt-ruby (3.0.1)
    bert (1.1.6)
    bertrpc (1.3.1)
      bert (>= 1.1.0, < 2.0.0)
    breadcrumbs_on_rails (2.2.0)
    builder (3.0.4)
    capistrano (2.15.5)
      highline
      net-scp (>= 1.0.0)
      net-sftp (>= 2.0.0)
      net-ssh (>= 2.0.14)
      net-ssh-gateway (>= 1.1.0)
    chronic (0.9.0)
    ci_reporter (1.6.5)
      builder (>= 2.1.2)
    coderay (1.0.9)
    coffee-rails (3.2.2)
      coffee-script (>= 2.2.0)
      railties (~> 3.2.0)
    coffee-script (2.2.0)
      coffee-script-source
      execjs
    coffee-script-source (1.3.1)
    columnize (0.3.6)
    csv_builder (2.1.1)
      actionpack (>= 3.0.0)
    daemons (1.1.3)
    debugger (1.6.1)
      columnize (>= 0.3.1)
      debugger-linecache (= 1.2.0)
      debugger-ruby_core_source (~> 1.2.3)
    debugger-linecache (1.2.0)
    debugger-ruby_core_source (1.2.3)
    decent_exposure (1.0.1)
    delayed_job (3.0.2)
      activesupport (~> 3.0)
    delayed_job_active_record (0.3.2)
      activerecord (> 2.1.0)
      delayed_job (~> 3.0.0)
    devise (1.5.2)
      bcrypt-ruby (~> 3.0)
      orm_adapter (~> 0.0.3)
      warden (~> 1.1)
    diff-lcs (1.1.3)
    dotenv (0.7.0)
    em-http-request (0.3.0)
      addressable (>= 2.0.0)
      escape_utils
      eventmachine (>= 0.12.9)
    encryptor (1.1.3)
    equivalent-xml (0.2.9)
      nokogiri (>= 1.4.3)
    erubis (2.7.0)
    escape_utils (0.2.3)
    eventmachine (0.12.10)
    eventmachine_httpserver (0.2.1)
    execjs (1.3.0)
      multi_json (~> 1.0)
    fabrication (2.5.2)
    faraday (0.8.0)
      multipart-post (~> 1.1)
    ffaker (1.4.0)
    foreman (0.63.0)
      dotenv (>= 0.7)
      thor (>= 0.13.6)
    formatted_rails_logger (0.3.0)
      rails (~> 3.2.0)
    guid (0.1.1)
    haml (3.1.6)
    haml-rails (0.3.4)
      actionpack (~> 3.0)
      activesupport (~> 3.0)
      haml (~> 3.0)
      railties (~> 3.0)
    highline (1.6.19)
    hike (1.2.3)
    httpauth (0.1)
    i18n (0.6.4)
    ice_cube (0.10.0)
    instedd-pigeon (0.2.2)
      json
      rails (~> 3.2)
      rest-client
      twitter_oauth
    instedd-rails (0.0.18)
      breadcrumbs_on_rails (>= 2.2.0)
      haml-rails
      rails (>= 3.0)
    journey (1.0.4)
    jquery-rails (1.0.19)
      railties (~> 3.0)
      thor (~> 0.14)
    json (1.8.0)
    language_list (1.0.0)
    librevox (0.3)
      eventmachine (~> 0.12.10)
    licit (0.2.2)
    mail (2.5.4)
      mime-types (~> 1.16)
      treetop (~> 1.4.8)
    meta_programming (0.2.2)
    metaclass (0.0.1)
    method_source (0.8.2)
    mime-types (1.23)
    mocha (0.10.5)
      metaclass (~> 0.0.1)
    multi_json (1.7.7)
    multipart-post (1.1.5)
    mysql2 (0.3.11)
    net-scp (1.1.2)
      net-ssh (>= 2.6.5)
    net-sftp (2.1.2)
      net-ssh (>= 2.6.5)
    net-ssh (2.7.0)
    net-ssh-gateway (1.2.0)
      net-ssh (>= 2.6.5)
    newrelic_rpm (3.3.5)
    nokogiri (1.4.4)
    oauth (0.4.7)
    oauth2 (0.7.1)
      faraday (~> 0.8)
      httpauth (~> 0.1)
      multi_json (~> 1.0)
      rack (~> 1.4)
    orm_adapter (0.0.5)
    polyglot (0.3.3)
    pry (0.9.12.2)
      coderay (~> 1.0.5)
      method_source (~> 0.8)
      slop (~> 3.4)
    pry-debugger (0.2.2)
      debugger (~> 1.3)
      pry (~> 0.9.10)
    rack (1.4.5)
    rack-cache (1.2)
      rack (>= 0.4)
    rack-ssl (1.3.3)
      rack
    rack-test (0.6.2)
      rack (>= 1.0)
    rails (3.2.14)
      actionmailer (= 3.2.14)
      actionpack (= 3.2.14)
      activerecord (= 3.2.14)
      activeresource (= 3.2.14)
      activesupport (= 3.2.14)
      bundler (~> 1.0)
      railties (= 3.2.14)
    railties (3.2.14)
      actionpack (= 3.2.14)
      activesupport (= 3.2.14)
      rack-ssl (~> 1.3.2)
      rake (>= 0.8.7)
      rdoc (~> 3.4)
      thor (>= 0.14.6, < 2.0)
    rake (10.1.0)
    rdoc (3.12.2)
      json (~> 1.4)
    rest-client (1.6.7)
      mime-types (>= 1.16)
    rspec (2.9.0)
      rspec-core (~> 2.9.0)
      rspec-expectations (~> 2.9.0)
      rspec-mocks (~> 2.9.0)
    rspec-core (2.9.0)
    rspec-expectations (2.9.1)
      diff-lcs (~> 1.1.3)
    rspec-mocks (2.9.0)
    rspec-rails (2.9.0)
      actionpack (>= 3.0)
      activesupport (>= 3.0)
      railties (>= 3.0)
      rspec (~> 2.9.0)
    rubyzip (0.9.6.1)
    rvm (1.11.3.3)
    rvm-capistrano (1.0.2)
      capistrano (>= 2.0.0)
    sass (3.1.15)
    sass-rails (3.2.5)
      railties (~> 3.2.0)
      sass (>= 3.1.10)
      tilt (~> 1.3)
    shoulda-matchers (2.2.0)
      activesupport (>= 3.0.0)
    slop (3.4.5)
    sprockets (2.2.2)
      hike (~> 1.2)
      multi_json (~> 1.0)
      rack (~> 1.0)
      tilt (~> 1.1, != 1.3.0)
    syntax (1.0.0)
    thor (0.18.1)
    tilt (1.4.1)
    timecop (0.3.5)
    treetop (1.4.14)
      polyglot
      polyglot (>= 0.3.1)
    twitter_oauth (0.4.4)
      json (>= 1.1.9)
      mime-types (>= 1.16)
      oauth (>= 0.4.1)
    tzinfo (0.3.37)
    uglifier (1.2.0)
      execjs (>= 0.3.0)
      multi_json (>= 1.0.2)
    uuidtools (2.1.4)
    warden (1.1.0)
      rack (>= 1.0)
    whenever (0.8.1)
      activesupport (>= 2.3.4)
      chronic (>= 0.6.3)
    will_paginate (3.0.3)

PLATFORMS
  ruby

DEPENDENCIES
  attr_encrypted
  aws-sdk
  batphone!
  bertrpc
  capistrano
  ci_reporter
  coffee-rails (~> 3.2.2)
  csv_builder
  daemons
  decent_exposure
  delayed_job_active_record
  devise
  em-http-request
  enumerated_attribute!
  equivalent-xml
  eventmachine_httpserver
  fabrication
  ffaker
  foreman
  formatted_rails_logger
  guid
  haml-rails
  ice_cube
  instedd-pigeon
  instedd-rails
  jquery-rails
  language_list
  librevox
  licit
  machinist!
  mocha
  mysql2
  newrelic_rpm
  nokogiri
  oauth2
  pry-debugger (~> 0.2.2)
  rails (= 3.2.14)
  rest-client
  rkelly!
  rspec
  rspec-rails
  rubyzip
  rvm
  rvm-capistrano
  sass-rails (~> 3.2.5)
  shoulda-matchers
  syntax
  timecop
  uglifier (>= 1.0.3)
  whenever
  will_paginate (~> 3.0)
